GEM
  remote: http://rubygems.org/
  specs:
    activesupport (3.2.6)
      i18n (~> 0.6)
      multi_json (~> 1.0)
    addressable (2.2.8)
    bourbon (2.1.1)
      sass (>= 3.1)
    coffee-script (2.2.0)
      coffee-script-source
      execjs
    coffee-script-source (1.3.3)
    daemons (1.1.8)
    em-websocket (0.3.6)
      addressable (>= 2.1.1)
      eventmachine (>= 0.12.9)
    eventmachine (0.12.10)
    execjs (1.4.0)
      multi_json (~> 1.0)
    faraday (0.8.1)
      multipart-post (~> 1.1)
    faraday_middleware (0.8.8)
      faraday (>= 0.7.4, < 0.9)
    ffi (1.0.11)
    guard (1.0.1)
      ffi (>= 0.5.0)
      thor (~> 0.14.6)
    guard-coffeescript (0.6.0)
      coffee-script (>= 2.2.0)
      guard (>= 0.8.3)
    guard-livereload (0.4.2)
      em-websocket (>= 0.2.0)
      guard (>= 0.10.0)
      multi_json (~> 1.0)
    guard-rspec (0.7.0)
      guard (>= 0.10.0)
    guard-sass (0.6.0)
      guard (>= 0.4.0)
      sass (>= 3.1)
    guard-spork (0.5.2)
      guard (>= 0.10.0)
      spork (>= 0.8.4)
    hashie (1.2.0)
    heroku (2.23.0)
      launchy (>= 0.3.2)
      netrc (~> 0.7.1)
      rest-client (~> 1.6.1)
      rubyzip
    i18n (0.6.0)
    launchy (2.1.0)
      addressable (~> 2.2.6)
    mime-types (1.18)
    multi_json (1.3.6)
    multipart-post (1.1.5)
    netrc (0.7.1)
    oauth (0.4.6)
    pg (0.13.2)
    rack (1.3.6)
    rest-client (1.6.7)
      mime-types (>= 1.16)
    rubyzip (0.9.6.1)
    sass (3.1.20)
    sequel (3.20.0)
    shotgun (0.9)
      rack (>= 1.0)
    sinatra (1.0)
      rack (>= 1.0)
    sinatra_more (0.3.43)
      activesupport
      bundler (>= 0.9.2)
      sinatra (>= 0.9.2)
      thor (>= 0.11.8)
      tilt (>= 0.2)
    spork (0.9.0)
    sqlite3 (1.3.5)
    sqlite3-ruby (1.3.3)
      sqlite3 (>= 1.3.3)
    taps (0.3.23)
      rack (>= 1.0.1)
      rest-client (>= 1.4.0, < 1.7.0)
      sequel (~> 3.20.0)
      sinatra (~> 1.0.0)
      sqlite3-ruby (~> 1.2)
    thin (1.3.1)
      daemons (>= 1.0.9)
      eventmachine (>= 0.12.6)
      rack (>= 1.0.0)
    thor (0.14.6)
    tilt (1.3.3)
    tumbl_rb (0.1.1)
      addressable (~> 2.2)
      faraday (~> 0.8)
      faraday_middleware (~> 0.8)
      hashie (~> 1.2)
      multi_json (~> 1.3)
      oauth (~> 0.4)

PLATFORMS
  ruby

DEPENDENCIES
  bourbon
  guard
  guard-coffeescript
  guard-livereload
  guard-rspec
  guard-sass
  guard-spork
  heroku
  pg
  sass
  shotgun
  sinatra
  sinatra_more
  taps
  thin
  tumbl_rb
